GEM
  remote: http://rubygems.org/
  specs:
    daemons (1.1.4)
    eventmachine (0.12.10)
    nokogiri (1.5.0)
    rack (1.3.4)
    rack-protection (1.1.2)
      rack
    redcarpet (2.0.0b5)
    sinatra (1.3.0)
      rack (~> 1.3)
      rack-protection (~> 1.1)
      tilt (~> 1.3)
    thin (1.2.11)
      daemons (>= 1.0.9)
      eventmachine (>= 0.12.6)
      rack (>= 1.0.0)
    tilt (1.3.3)

PLATFORMS
  ruby

DEPENDENCIES
  nokogiri
  redcarpet (~> 2.0.0b5)
  sinatra
  thin (~> 1.2.11)
